GEM
  remote: http://rubygems.org/
  specs:
    activemodel (3.0.5)
      activesupport (= 3.0.5)
      builder (~> 2.1.2)
      i18n (~> 0.4)
    activerecord (3.0.5)
      activemodel (= 3.0.5)
      activesupport (= 3.0.5)
      arel (~> 2.0.2)
      tzinfo (~> 0.3.23)
    activesupport (3.0.5)
    arel (2.0.9)
    builder (2.1.2)
    i18n (0.5.0)
    meta_where (1.0.4)
      activerecord (~> 3.0.0)
      activesupport (~> 3.0.0)
      arel (~> 2.0.7)
    mysql2 (0.2.6)
    rack (1.2.1)
    sinatra (1.0)
      rack (>= 1.0)
    tzinfo (0.3.24)

PLATFORMS
  ruby

DEPENDENCIES
  activerecord
  activesupport
  meta_where
  mysql2
  sinatra
