GEM
  remote: http://rubygems.org/
  specs:
    abstract (1.0.0)
    actionmailer (3.0.5)
      actionpack (= 3.0.5)
      mail (~> 2.2.15)
    actionpack (3.0.5)
      activemodel (= 3.0.5)
      activesupport (= 3.0.5)
      builder (~> 2.1.2)
      erubis (~> 2.6.6)
      i18n (~> 0.4)
      rack (~> 1.2.1)
      rack-mount (~> 0.6.13)
      rack-test (~> 0.5.7)
      tzinfo (~> 0.3.23)
    activemodel (3.0.5)
      activesupport (= 3.0.5)
      builder (~> 2.1.2)
      i18n (~> 0.4)
    activerecord (3.0.5)
      activemodel (= 3.0.5)
      activesupport (= 3.0.5)
      arel (~> 2.0.2)
      tzinfo (~> 0.3.23)
    activeresource (3.0.5)
      activemodel (= 3.0.5)
      activesupport (= 3.0.5)
    activesupport (3.0.5)
    arel (2.0.9)
    builder (2.1.2)
    compass (0.10.6)
      haml (>= 3.0.4)
    crack (0.1.8)
    diff-lcs (1.1.2)
    erubis (2.6.6)
      abstract (>= 1.0.0)
    factory_girl (1.3.3)
    fastercsv (1.5.4)
    geokit (1.5.0)
    groupon (0.0.1)
      hashie (>= 0.1.3)
      httparty (>= 0.1.0)
    haml (3.0.25)
    hashie (1.0.0)
    httparty (0.7.4)
      crack (= 0.1.8)
    i18n (0.5.0)
    json (1.5.1)
    json_pure (1.4.6)
    mail (2.2.15)
      activesupport (>= 2.3.6)
      i18n (>= 0.4.0)
      mime-types (~> 1.16)
      treetop (~> 1.4.8)
    mechanize (1.0.0)
      nokogiri (>= 1.2.1)
    mime-types (1.16)
    mysql2 (0.2.6)
    nokogiri (1.4.4)
    oauth (0.4.4)
    polyglot (0.3.1)
    rack (1.2.2)
    rack-mount (0.6.13)
      rack (>= 1.0.0)
    rack-test (0.5.7)
      rack (>= 1.0)
    rails (3.0.5)
      actionmailer (= 3.0.5)
      actionpack (= 3.0.5)
      activerecord (= 3.0.5)
      activeresource (= 3.0.5)
      activesupport (= 3.0.5)
      bundler (~> 1.0)
      railties (= 3.0.5)
    railties (3.0.5)
      actionpack (= 3.0.5)
      activesupport (= 3.0.5)
      rake (>= 0.8.7)
      thor (~> 0.14.4)
    rake (0.8.7)
    redis (2.1.1)
    redis-namespace (0.8.0)
      redis (< 3.0.0)
    resque (1.9.10)
      json_pure (~> 1.4.0)
      redis-namespace (~> 0.8.0)
      sinatra (>= 0.9.2)
      vegas (~> 0.1.2)
    resque-scheduler (1.9.8)
      redis (>= 2.0.1)
      resque (>= 1.8.0)
      rufus-scheduler
    rspec (2.5.0)
      rspec-core (~> 2.5.0)
      rspec-expectations (~> 2.5.0)
      rspec-mocks (~> 2.5.0)
    rspec-core (2.5.1)
    rspec-expectations (2.5.0)
      diff-lcs (~> 1.1.2)
    rspec-mocks (2.5.0)
    rspec-rails (2.5.0)
      actionpack (~> 3.0)
      activesupport (~> 3.0)
      railties (~> 3.0)
      rspec (~> 2.5.0)
    rufus-scheduler (2.0.8)
      tzinfo (>= 0.3.23)
    shoulda (2.11.3)
    shoulda-context (1.0.0.beta1)
    shoulda-matchers (1.0.0.beta1)
    simplegeo (0.2.1)
      json_pure
      oauth (>= 0.4.0)
    sinatra (1.1.3)
      rack (~> 1.1)
      tilt (>= 1.2.2, < 2.0)
    system_timer (1.0)
    thor (0.14.6)
    tilt (1.2.2)
    treetop (1.4.9)
      polyglot (>= 0.3.1)
    tzinfo (0.3.25)
    vegas (0.1.8)
      rack (>= 1.0.0)
    will_paginate (3.0.pre2)

PLATFORMS
  ruby

DEPENDENCIES
  compass (>= 0.10.6)
  crack
  factory_girl
  fastercsv
  geokit
  groupon
  haml
  json
  mechanize
  mysql2
  nokogiri
  oauth
  rails (= 3.0.5)
  resque
  resque-scheduler
  rspec-rails (>= 2.0.0.beta.10)
  shoulda
  shoulda-context
  shoulda-matchers
  simplegeo
  sinatra (= 1.1.3)
  system_timer
  will_paginate
