GIT
  remote: git://github.com/mongoid/mongoid.git
  revision: 9400474a9c355152ea6bc1de455804c953e28fa2
  specs:
    mongoid (2.0.0.rc.7)
      activemodel (~> 3.0)
      mongo (~> 1.2)
      tzinfo (~> 0.3.22)
      will_paginate (~> 3.0.pre)

GEM
  remote: http://rubygems.org/
  specs:
    activemodel (3.0.5)
      activesupport (= 3.0.5)
      builder (~> 2.1.2)
      i18n (~> 0.4)
    activerecord (3.0.5)
      activemodel (= 3.0.5)
      activesupport (= 3.0.5)
      arel (~> 2.0.2)
      tzinfo (~> 0.3.23)
    activesupport (3.0.5)
    arel (2.0.9)
    bson (1.2.4)
    bson_ext (1.2.4)
    builder (2.1.2)
    crack (0.1.8)
    daemons (1.1.0)
    geocoder (0.9.9)
      json (>= 1.0.0)
    groupon (0.0.1)
      hashie (>= 0.1.3)
      httparty (>= 0.1.0)
    haml (3.0.25)
    hashie (1.0.0)
    httparty (0.7.4)
      crack (= 0.1.8)
    i18n (0.5.0)
    json (1.5.1)
    mechanize (1.0.0)
      nokogiri (>= 1.2.1)
    meta_where (1.0.4)
      activerecord (~> 3.0.0)
      activesupport (~> 3.0.0)
      arel (~> 2.0.7)
    mongo (1.2.4)
      bson (>= 1.2.4)
    mysql2 (0.2.6)
    nokogiri (1.4.4)
    rack (1.2.1)
    sinatra (1.0)
      rack (>= 1.0)
    sinatra-logger (0.1.1)
      sinatra (>= 1.0)
    tzinfo (0.3.24)
    will_paginate (3.0.pre2)

PLATFORMS
  ruby

DEPENDENCIES
  activerecord
  activesupport
  bson_ext (= 1.2.4)
  daemons
  geocoder
  groupon
  haml
  json
  mechanize
  meta_where
  mongoid!
  mysql2
  nokogiri
  sinatra
  sinatra-logger
